ObjectType = Image
NDims = 3
BinaryData = True
BinaryDataByteOrderMSB = False
CompressedData = False
TransformMatrix = 1 0 0 0 1 0 0 0 1
Offset = -148.5 50 -148.5
CenterOfRotation = 0 0 0
ElementSpacing = 3 5 3
DimSize = 100 1 100
AnatomicalOrientation = ???
ElementType = MET_FLOAT
ElementDataFile = 2dDoseMap-Edep-Uncertainty.raw
