ObjectType = Image
NDims = 3
BinaryData = True
BinaryDataByteOrderMSB = False
CompressedData = False
TransformMatrix = 1 0 0 0 1 0 0 0 1
Offset = -24.75 50 -24.75
CenterOfRotation = 0 0 0
ElementSpacing = 0.5 0.27799999713897705 0.5
DimSize = 100 1 100
AnatomicalOrientation = ???
ElementType = MET_FLOAT
ElementDataFile = doseDistribution-Edep-Squared.raw
